GEM
  remote: http://rubygems.org/
  specs:
    dotenv (2.7.5)
    faraday (0.17.1)
      multipart-post (>= 1.2, < 3)
    gocardless_pro (2.15.1)
      faraday (>= 0.9.2, < 1.0)
    jwt (2.2.1)
    multi_json (1.14.1)
    multi_xml (0.6.0)
    multipart-post (2.1.1)
    mustermann (1.0.3)
    nio4r (2.5.2)
    oauth2 (1.4.2)
      faraday (>= 0.8, < 2.0)
      jwt (>= 1.0, < 3.0)
      multi_json (~> 1.3)
      multi_xml (~> 0.5)
      rack (>= 1.2, < 3)
    prius (2.0.0)
    puma (4.2.1)
      nio4r (~> 2.0)
    rack (2.1.1)
    rack-flash3 (1.0.5)
      rack
    rack-protection (2.0.7)
      rack
    sinatra (2.0.7)
      mustermann (~> 1.0)
      rack (~> 2.0)
      rack-protection (= 2.0.7)
      tilt (~> 2.0)
    tilt (2.0.9)

PLATFORMS
  ruby

DEPENDENCIES
  dotenv (~> 2.7.5)
  gocardless_pro (~> 2.15.1)
  oauth2 (~> 1.4.2)
  prius (~> 2.0.0)
  puma (~> 4.2.1)
  rack-flash3 (~> 1.0.5)
  sinatra (~> 2.0.7)

RUBY VERSION
   ruby 2.6.1p33

BUNDLED WITH
   1.17.2
