GEM
  remote: http://rubygems.org/
  specs:
    dotenv (2.7.4)
    faraday (0.15.4)
      multipart-post (>= 1.2, < 3)
    gocardless_pro (2.14.0)
      faraday (>= 0.9.2, < 1.0)
    jwt (2.2.1)
    multi_json (1.13.1)
    multi_xml (0.6.0)
    multipart-post (2.1.1)
    mustermann (1.0.2)
    oauth2 (1.4.1)
      faraday (>= 0.8, < 0.16.0)
      jwt (>= 1.0, < 3.0)
      multi_json (~> 1.3)
      multi_xml (~> 0.5)
      rack (>= 1.2, < 3)
    prius (2.0.0)
    puma (3.12.0)
    rack (2.0.7)
    rack-flash3 (1.0.5)
      rack
    rack-protection (2.0.3)
      rack
    sinatra (2.0.3)
      mustermann (~> 1.0)
      rack (~> 2.0)
      rack-protection (= 2.0.3)
      tilt (~> 2.0)
    tilt (2.0.8)

PLATFORMS
  ruby

DEPENDENCIES
  dotenv (~> 2.7.4)
  gocardless_pro (~> 2.14.0)
  oauth2 (~> 1.4.1)
  prius (~> 2.0.0)
  puma (~> 3.12.0)
  rack-flash3 (~> 1.0.5)
  sinatra (~> 2.0.3)

RUBY VERSION
   ruby 2.6.1p33

BUNDLED WITH
   1.17.2
