GEM
  remote: http://rubygems.org/
  specs:
    dotenv (2.0.1)
    faraday (0.9.2)
      multipart-post (>= 1.2, < 3)
    gocardless_pro (2.0.0)
      faraday (>= 0.8.9, < 0.10)
    jwt (1.5.1)
    multi_json (1.11.2)
    multi_xml (0.5.5)
    multipart-post (2.0.0)
    oauth2 (1.0.0)
      faraday (>= 0.8, < 0.10)
      jwt (~> 1.0)
      multi_json (~> 1.3)
      multi_xml (~> 0.5)
      rack (~> 1.2)
    prius (0.2.0)
    puma (2.11.3)
      rack (>= 1.1, < 2.0)
    rack (1.6.4)
    rack-flash3 (1.0.5)
      rack
    rack-protection (1.5.3)
      rack
    sinatra (1.4.6)
      rack (~> 1.4)
      rack-protection (~> 1.4)
      tilt (>= 1.3, < 3)
    tilt (2.0.1)

PLATFORMS
  ruby

DEPENDENCIES
  dotenv (~> 2.0.1)
  gocardless_pro (~> 2.0.0)
  oauth2 (~> 1.0.0)
  prius (~> 0.2.0)
  puma (~> 2.11.3)
  rack-flash3 (~> 1.0.5)
  sinatra (~> 1.4.6)

BUNDLED WITH
   1.10.4
